GEM
  remote: https://rubygems.org/
  specs:
    actionmailer (3.2.8)
      actionpack (= 3.2.8)
      mail (~> 2.4.4)
    actionpack (3.2.8)
      activemodel (= 3.2.8)
      activesupport (= 3.2.8)
      builder (~> 3.0.0)
      erubis (~> 2.7.0)
      journey (~> 1.0.4)
      rack (~> 1.4.0)
      rack-cache (~> 1.2)
      rack-test (~> 0.6.1)
      sprockets (~> 2.1.3)
    activemodel (3.2.8)
      activesupport (= 3.2.8)
      builder (~> 3.0.0)
    activerecord (3.2.8)
      activemodel (= 3.2.8)
      activesupport (= 3.2.8)
      arel (~> 3.0.2)
      tzinfo (~> 0.3.29)
    activeresource (3.2.8)
      activemodel (= 3.2.8)
      activesupport (= 3.2.8)
    activesupport (3.2.8)
      i18n (~> 0.6)
      multi_json (~> 1.0)
    andand (1.3.3)
    arel (3.0.2)
    atk (1.1.5)
      glib2 (>= 1.1.5)
    builder (3.0.4)
    cairo (1.12.2)
      pkg-config
    coderay (1.0.8)
    coffee-rails (3.2.2)
      coffee-script (>= 2.2.0)
      railties (~> 3.2.0)
    coffee-script (2.2.0)
      coffee-script-source
      execjs
    coffee-script-source (1.4.0)
    daemon_controller (1.1.0)
    erubis (2.7.0)
    execjs (1.4.0)
      multi_json (~> 1.0)
    fastthread (1.0.7)
    foreigner (1.2.1)
      activerecord (>= 3.0.0)
    gdk_pixbuf2 (1.1.5)
      glib2 (>= 1.1.5)
    glib2 (1.1.5)
      pkg-config
    gtk2 (1.1.5)
      atk (>= 1.1.5)
      gdk_pixbuf2 (>= 1.1.5)
      pango (>= 1.1.5)
    haml (3.1.7)
    hike (1.2.1)
    hoe (3.3.0)
      rake (~> 0.8)
    i18n (0.6.1)
    immigrant (0.1.2)
      activerecord (>= 3.0)
      foreigner (>= 1.1.6)
    journey (1.0.4)
    jquery-rails (2.1.3)
      railties (>= 3.1.0, < 5.0)
      thor (~> 0.14)
    json (1.7.5)
    libv8 (3.3.10.4)
    mail (2.4.4)
      i18n (>= 0.4.0)
      mime-types (~> 1.16)
      treetop (~> 1.4.8)
    method_source (0.8.1)
    mime-types (1.19)
    multi_json (1.3.7)
    pango (1.1.5)
      cairo (>= 1.10.0)
      glib2 (>= 1.1.5)
    passenger (3.0.18)
      daemon_controller (>= 1.0.0)
      fastthread (>= 1.0.1)
      rack
      rake (>= 0.8.1)
    pg (0.14.1)
    pkg-config (1.1.4)
    polyglot (0.3.3)
    pry (0.9.10)
      coderay (~> 1.0.5)
      method_source (~> 0.8)
      slop (~> 3.3.1)
    pry-rails (0.2.2)
      pry (>= 0.9.10)
    rack (1.4.1)
    rack-cache (1.2)
      rack (>= 0.4)
    rack-ssl (1.3.2)
      rack
    rack-test (0.6.2)
      rack (>= 1.0)
    rails (3.2.8)
      actionmailer (= 3.2.8)
      actionpack (= 3.2.8)
      activerecord (= 3.2.8)
      activeresource (= 3.2.8)
      activesupport (= 3.2.8)
      bundler (~> 1.0)
      railties (= 3.2.8)
    railties (3.2.8)
      actionpack (= 3.2.8)
      activesupport (= 3.2.8)
      rack-ssl (~> 1.3.2)
      rake (>= 0.8.7)
      rdoc (~> 3.4)
      thor (>= 0.14.6, < 2.0)
    rake (0.9.2.2)
    rdoc (3.12)
      json (~> 1.4)
    rr (1.0.4)
    sass (3.2.2)
    sass-rails (3.2.5)
      railties (~> 3.2.0)
      sass (>= 3.1.10)
      tilt (~> 1.3)
    slop (3.3.3)
    sprockets (2.1.3)
      hike (~> 1.2)
      rack (~> 1.0)
      tilt (~> 1.1, != 1.3.0)
    test-unit (2.5.2)
    test-unit-full (0.0.3)
      test-unit
      test-unit-notify
      test-unit-rr
      test-unit-runner-fox
      test-unit-runner-gtk2
      test-unit-runner-tk
    test-unit-notify (0.3.0)
      test-unit (>= 2.1.2)
    test-unit-rr (1.0.2)
      rr (>= 1.0.2)
      test-unit (>= 2.5.2)
    test-unit-runner-fox (0.0.1)
      hoe (>= 1.6.0)
    test-unit-runner-gtk2 (0.0.2)
      gtk2
      test-unit
    test-unit-runner-tk (0.0.1)
      hoe (>= 1.6.0)
    therubyracer (0.10.2)
      libv8 (~> 3.3.10)
    thor (0.16.0)
    tilt (1.3.3)
    treetop (1.4.12)
      polyglot
      polyglot (>= 0.3.1)
    tzinfo (0.3.35)
    uglifier (1.3.0)
      execjs (>= 0.3.0)
      multi_json (~> 1.0, >= 1.0.2)

PLATFORMS
  ruby

DEPENDENCIES
  andand
  coffee-rails (~> 3.2.1)
  foreigner
  haml
  immigrant
  jquery-rails
  json
  passenger
  pg
  pry-rails
  rails (= 3.2.8)
  sass-rails (~> 3.2.3)
  test-unit-full
  therubyracer
  uglifier (>= 1.0.3)
